GEM
  remote: https://rubygems.org/
  specs:
    gosu (0.13.2)

PLATFORMS
  ruby

DEPENDENCIES
  gosu

RUBY VERSION
   ruby 2.5.0p0

BUNDLED WITH
   1.16.1
